GEM
  remote: https://rubygems.org/
  specs:
    domain_name (0.5.20160615)
      unf (>= 0.0.5, < 1.0.0)
    htmlentities (4.3.4)
    http-cookie (1.0.2)
      domain_name (~> 0.5)
    kindle-highlights (1.0.1)
      mechanize (>= 2.7.2)
    mail (2.6.4)
      mime-types (>= 1.16, < 4)
    mechanize (2.7.4)
      domain_name (~> 0.5, >= 0.5.1)
      http-cookie (~> 1.0)
      mime-types (>= 1.17.2, < 3)
      net-http-digest_auth (~> 1.1, >= 1.1.1)
      net-http-persistent (~> 2.5, >= 2.5.2)
      nokogiri (~> 1.6)
      ntlm-http (~> 0.1, >= 0.1.1)
      webrobots (>= 0.0.9, < 0.2)
    mime-types (2.99.2)
    mini_portile2 (2.4.0)
    net-http-digest_auth (1.4)
    net-http-persistent (2.9.4)
    nokogiri (1.9.1)
      mini_portile2 (~> 2.4.0)
    ntlm-http (0.1.1)
    unf (0.1.4)
      unf_ext
    unf_ext (0.0.7.2)
    webrobots (0.1.2)

PLATFORMS
  ruby

DEPENDENCIES
  htmlentities
  kindle-highlights (= 1.0.1)
  mail

BUNDLED WITH
   1.11.2
